GEM
  remote: http://rubygems.org/
  specs:
    activesupport (4.1.6)
      i18n (~> 0.6, >= 0.6.9)
      json (~> 1.7, >= 1.7.7)
      minitest (~> 5.1)
      thread_safe (~> 0.1)
      tzinfo (~> 1.1)
    i18n (0.6.11)
    imgkit (1.6.1)
    json (1.8.1)
    minitest (5.4.1)
    multipart-post (2.0.0)
    thread_safe (0.3.4)
    tzinfo (1.2.2)
      thread_safe (~> 0.1)
    wkhtmltoimage-binary (0.12.4)

PLATFORMS
  ruby

DEPENDENCIES
  activesupport
  imgkit
  multipart-post
  wkhtmltoimage-binary

BUNDLED WITH
   1.14.3
